GEM
  remote: https://rubygems.org/
  specs:
    net-ssh (2.8.0)

PLATFORMS
  ruby

DEPENDENCIES
  net-ssh
